GIT
  remote: git://github.com/pragmarb/pragma-contract.git
  revision: 33fdacdf785bbf0f815b3b520338d95ebfe34659
  specs:
    pragma-contract (2.0.0)
      dry-types (~> 0.9)
      dry-validation (~> 0.10)
      reform (~> 2.2)

GIT
  remote: git://github.com/pragmarb/pragma-decorator.git
  revision: 5d978c0ba4c132c99c1b10a14d5756ee2f49c3fb
  specs:
    pragma-decorator (2.0.0)
      multi_json (~> 1.12)
      roar (~> 1.0)

GIT
  remote: git://github.com/pragmarb/pragma-operation.git
  revision: caa81e0bf511ede24f7ea48e5eb5c7a5329f317b
  specs:
    pragma-operation (2.0.0)
      trailblazer-operation (~> 0.0)

GIT
  remote: git://github.com/pragmarb/pragma-policy.git
  revision: c1cae9989827c4ad47efe89b1014b5f40fafbe10
  specs:
    pragma-policy (2.0.0)
      pundit (~> 1.1)

GIT
  remote: git://github.com/pragmarb/pragma-rails.git
  revision: 7993d9989a4e25ac85e91ca140fc3491299a1dc8
  specs:
    pragma-rails (2.0.0)
      pragma (~> 2.0)
      rails (>= 4.2, < 6)

GIT
  remote: git://github.com/pragmarb/pragma.git
  revision: d5b8536552b52298f21639c2fe4f6e7de858da93
  specs:
    pragma (2.0.0)
      pragma-contract (~> 2.0)
      pragma-decorator (~> 2.0)
      pragma-operation (~> 2.0)
      pragma-policy (~> 2.0)
      trailblazer (~> 2.0)
      will_paginate (~> 3.1)

GEM
  remote: https://rubygems.org/
  specs:
    actioncable (5.1.0)
      actionpack (= 5.1.0)
      nio4r (~> 2.0)
      websocket-driver (~> 0.6.1)
    actionmailer (5.1.0)
      actionpack (= 5.1.0)
      actionview (= 5.1.0)
      activejob (= 5.1.0)
      mail (~> 2.5, >= 2.5.4)
      rails-dom-testing (~> 2.0)
    actionpack (5.1.0)
      actionview (= 5.1.0)
      activesupport (= 5.1.0)
      rack (~> 2.0)
      rack-test (~> 0.6.3)
      rails-dom-testing (~> 2.0)
      rails-html-sanitizer (~> 1.0, >= 1.0.2)
    actionview (5.1.0)
      activesupport (= 5.1.0)
      builder (~> 3.1)
      erubi (~> 1.4)
      rails-dom-testing (~> 2.0)
      rails-html-sanitizer (~> 1.0, >= 1.0.3)
    activejob (5.1.0)
      activesupport (= 5.1.0)
      globalid (>= 0.3.6)
    activemodel (5.1.0)
      activesupport (= 5.1.0)
    activerecord (5.1.0)
      activemodel (= 5.1.0)
      activesupport (= 5.1.0)
      arel (~> 8.0)
    activesupport (5.1.0)
      concurrent-ruby (~> 1.0, >= 1.0.2)
      i18n (~> 0.7)
      minitest (~> 5.1)
      tzinfo (~> 1.1)
    addressable (2.5.1)
      public_suffix (~> 2.0, >= 2.0.2)
    arel (8.0.0)
    ast (2.3.0)
    bugsnag (5.3.2)
    builder (3.2.3)
    capybara (2.14.0)
      addressable
      mime-types (>= 1.16)
      nokogiri (>= 1.3.3)
      rack (>= 1.0.0)
      rack-test (>= 0.5.4)
      xpath (~> 2.0)
    clockwork (2.0.2)
      activesupport
      tzinfo
    coderay (1.1.1)
    concurrent-ruby (1.0.5)
    connection_pool (2.2.1)
    crack (0.4.3)
      safe_yaml (~> 1.0.0)
    database_cleaner (1.6.0)
    declarative (0.0.9)
    declarative-builder (0.1.0)
      declarative-option (< 0.2.0)
    declarative-option (0.1.0)
    diff-lcs (1.3)
    disposable (0.4.2)
      declarative (>= 0.0.9, < 1.0.0)
      declarative-builder (< 0.2.0)
      declarative-option (< 0.2.0)
      representable (>= 2.4.0, <= 3.1.0)
      uber (< 0.2.0)
    dry-configurable (0.7.0)
      concurrent-ruby (~> 1.0)
    dry-container (0.6.0)
      concurrent-ruby (~> 1.0)
      dry-configurable (~> 0.1, >= 0.1.3)
    dry-core (0.3.0)
      concurrent-ruby (~> 1.0)
    dry-equalizer (0.2.0)
    dry-logic (0.4.1)
      dry-container (~> 0.2, >= 0.2.6)
      dry-core (~> 0.2)
      dry-equalizer (~> 0.2)
    dry-types (0.10.3)
      concurrent-ruby (~> 1.0)
      dry-configurable (~> 0.1)
      dry-container (~> 0.3)
      dry-core (~> 0.2, >= 0.2.1)
      dry-equalizer (~> 0.2)
      dry-logic (~> 0.4, >= 0.4.0)
      inflecto (~> 0.0.0, >= 0.0.2)
    dry-validation (0.10.6)
      concurrent-ruby (~> 1.0)
      dry-configurable (~> 0.1, >= 0.1.3)
      dry-core (~> 0.2, >= 0.2.1)
      dry-equalizer (~> 0.2)
      dry-logic (~> 0.4, >= 0.4.0)
      dry-types (~> 0.9, >= 0.9.0)
    erubi (1.6.0)
    factory_girl (4.8.0)
      activesupport (>= 3.0.0)
    factory_girl_rails (4.8.0)
      factory_girl (~> 4.8.0)
      railties (>= 3.0.0)
    faker (1.7.3)
      i18n (~> 0.5)
    ffi (1.9.18)
    figaro (1.1.1)
      thor (~> 0.14)
    foreman (0.84.0)
      thor (~> 0.19.1)
    fuubar (2.2.0)
      rspec-core (~> 3.0)
      ruby-progressbar (~> 1.4)
    globalid (0.4.0)
      activesupport (>= 4.2.0)
    hashdiff (0.3.4)
    i18n (0.8.1)
    inflecto (0.0.2)
    listen (3.1.5)
      rb-fsevent (~> 0.9, >= 0.9.4)
      rb-inotify (~> 0.9, >= 0.9.7)
      ruby_dep (~> 1.2)
    loofah (2.0.3)
      nokogiri (>= 1.5.9)
    mail (2.6.5)
      mime-types (>= 1.16, < 4)
    method_source (0.8.2)
    mime-types (3.1)
      mime-types-data (~> 3.2015)
    mime-types-data (3.2016.0521)
    mini_portile2 (2.1.0)
    minitest (5.10.1)
    multi_json (1.12.1)
    nio4r (2.0.0)
    nokogiri (1.7.1)
      mini_portile2 (~> 2.1.0)
    parser (2.4.0.0)
      ast (~> 2.2)
    pg (0.20.0)
    pipetree (0.1.1)
    powerpack (0.1.1)
    pry (0.10.4)
      coderay (~> 1.1.0)
      method_source (~> 0.8.1)
      slop (~> 3.4)
    pry-rails (0.3.6)
      pry (>= 0.10.4)
    public_suffix (2.0.5)
    puma (3.8.2)
    pundit (1.1.0)
      activesupport (>= 3.0.0)
    rack (2.0.1)
    rack-attack (5.0.1)
      rack
    rack-cors (0.4.1)
    rack-protection (2.0.0)
      rack
    rack-test (0.6.3)
      rack (>= 1.0)
    rails (5.1.0)
      actioncable (= 5.1.0)
      actionmailer (= 5.1.0)
      actionpack (= 5.1.0)
      actionview (= 5.1.0)
      activejob (= 5.1.0)
      activemodel (= 5.1.0)
      activerecord (= 5.1.0)
      activesupport (= 5.1.0)
      bundler (>= 1.3.0, < 2.0)
      railties (= 5.1.0)
      sprockets-rails (>= 2.0.0)
    rails-dom-testing (2.0.2)
      activesupport (>= 4.2.0, < 6.0)
      nokogiri (~> 1.6)
    rails-html-sanitizer (1.0.3)
      loofah (~> 2.0)
    rails_12factor (0.0.3)
      rails_serve_static_assets
      rails_stdout_logging
    rails_serve_static_assets (0.0.5)
    rails_stdout_logging (0.0.5)
    railties (5.1.0)
      actionpack (= 5.1.0)
      activesupport (= 5.1.0)
      method_source
      rake (>= 0.8.7)
      thor (>= 0.18.1, < 2.0)
    rainbow (2.2.2)
      rake
    rake (12.0.0)
    rb-fsevent (0.9.8)
    rb-inotify (0.9.8)
      ffi (>= 0.5.0)
    redis (3.3.3)
    reform (2.2.4)
      disposable (>= 0.4.1)
      representable (>= 2.4.0, < 3.1.0)
    representable (3.0.4)
      declarative (< 0.1.0)
      declarative-option (< 0.2.0)
      uber (< 0.2.0)
    roar (1.1.0)
      representable (~> 3.0.0)
    rspec-core (3.6.0)
      rspec-support (~> 3.6.0)
    rspec-expectations (3.6.0)
      diff-lcs (>= 1.2.0, < 2.0)
      rspec-support (~> 3.6.0)
    rspec-mocks (3.6.0)
      diff-lcs (>= 1.2.0, < 2.0)
      rspec-support (~> 3.6.0)
    rspec-rails (3.6.0)
      actionpack (>= 3.0)
      activesupport (>= 3.0)
      railties (>= 3.0)
      rspec-core (~> 3.6.0)
      rspec-expectations (~> 3.6.0)
      rspec-mocks (~> 3.6.0)
      rspec-support (~> 3.6.0)
    rspec-support (3.6.0)
    rubocop (0.48.1)
      parser (>= 2.3.3.1, < 3.0)
      powerpack (~> 0.1)
      rainbow (>= 1.99.1, < 3.0)
      ruby-progressbar (~> 1.7)
      unicode-display_width (~> 1.0, >= 1.0.1)
    rubocop-rspec (1.15.1)
      rubocop (>= 0.42.0)
    ruby-progressbar (1.8.1)
    ruby_dep (1.5.0)
    safe_yaml (1.0.4)
    shoulda-matchers (3.1.1)
      activesupport (>= 4.0.0)
    sidekiq (5.0.0)
      concurrent-ruby (~> 1.0)
      connection_pool (~> 2.2, >= 2.2.0)
      rack-protection (>= 1.5.0)
      redis (~> 3.3, >= 3.3.3)
    slop (3.6.0)
    spring (2.0.1)
      activesupport (>= 4.2)
    spring-commands-rspec (1.0.4)
      spring (>= 0.9.1)
    spring-watcher-listen (2.0.1)
      listen (>= 2.7, < 4.0)
      spring (>= 1.2, < 3.0)
    sprockets (3.7.1)
      concurrent-ruby (~> 1.0)
      rack (> 1, < 3)
    sprockets-rails (3.2.0)
      actionpack (>= 4.0)
      activesupport (>= 4.0)
      sprockets (>= 3.0.0)
    thor (0.19.4)
    thread_safe (0.3.6)
    trailblazer (2.0.6)
      declarative
      reform (>= 2.2.0, < 3.0.0)
      trailblazer-operation (>= 0.0.12, < 0.1.0)
    trailblazer-operation (0.0.13)
      declarative
      pipetree (>= 0.1.1, < 0.2.0)
      uber
    tzinfo (1.2.3)
      thread_safe (~> 0.1)
    uber (0.1.0)
    unicode-display_width (1.2.1)
    webmock (3.0.1)
      addressable (>= 2.3.6)
      crack (>= 0.3.2)
      hashdiff
    websocket-driver (0.6.5)
      websocket-extensions (>= 0.1.0)
    websocket-extensions (0.1.2)
    will_paginate (3.1.5)
    xpath (2.0.0)
      nokogiri (~> 1.3)

PLATFORMS
  ruby

DEPENDENCIES
  bugsnag
  capybara
  clockwork
  database_cleaner
  factory_girl_rails
  faker
  figaro
  foreman
  fuubar
  pg
  pragma!
  pragma-contract!
  pragma-decorator!
  pragma-operation!
  pragma-policy!
  pragma-rails!
  pry-rails
  puma
  rack-attack
  rack-cors
  rails (~> 5.1.0)
  rails_12factor
  rspec-rails
  rubocop
  rubocop-rspec
  shoulda-matchers
  sidekiq
  spring
  spring-commands-rspec
  spring-watcher-listen
  webmock

RUBY VERSION
   ruby 2.4.0p0

BUNDLED WITH
   1.13.7
